GEM
  remote: https://rubygems.org/
  specs:
    coderay (1.1.3)
    concurrent-ruby (1.1.6)
    curb (0.9.10)
    method_source (1.0.0)
    mini_portile2 (2.4.0)
    nokogiri (1.10.10)
      mini_portile2 (~> 2.4.0)
    pry (0.13.1)
      coderay (~> 1.1)
      method_source (~> 1.0)
    thread (0.2.2)

PLATFORMS
  ruby

DEPENDENCIES
  concurrent-ruby
  curb
  nokogiri
  pry
  thread

BUNDLED WITH
   2.1.4
